PATH
  remote: .
  specs:
    sutra (0.1.0)
      zendesk_api

GEM
  remote: https://rubygems.org/
  specs:
    faraday (0.17.3)
      multipart-post (>= 1.2, < 3)
    hashie (3.6.0)
    inflection (1.0.0)
    mime-types (3.3.1)
      mime-types-data (~> 3.2015)
    mime-types-data (3.2019.1009)
    multipart-post (2.1.1)
    rake (13.0.1)
    zendesk_api (1.24.0)
      faraday (>= 0.9.0, < 1.0.0)
      hashie (>= 3.5.2, < 4.0.0)
      inflection
      mime-types
      multipart-post (~> 2.0)

PLATFORMS
  ruby

DEPENDENCIES
  bundler
  rake
  sutra!

BUNDLED WITH
   2.0.2
